PATH
  remote: .
  specs:
    natural_liquid (0.1.0)
      liquid

GEM
  remote: https://rubygems.org/
  specs:
    diff-lcs (1.5.0)
    liquid (5.3.0)
    rake (13.0.6)
    rspec (3.11.0)
      rspec-core (~> 3.11.0)
      rspec-expectations (~> 3.11.0)
      rspec-mocks (~> 3.11.0)
    rspec-core (3.11.0)
      rspec-support (~> 3.11.0)
    rspec-expectations (3.11.0)
      diff-lcs (>= 1.2.0, < 2.0)
      rspec-support (~> 3.11.0)
    rspec-mocks (3.11.1)
      diff-lcs (>= 1.2.0, < 2.0)
      rspec-support (~> 3.11.0)
    rspec-support (3.11.0)

PLATFORMS
  x86_64-darwin-20

DEPENDENCIES
  natural_liquid!
  rake (~> 13.0)
  rspec (~> 3.0)

BUNDLED WITH
   2.2.21
